GEM
  remote: https://rubygems.org/
  specs:
    jaeger-client (0.6.1)
      opentracing (~> 0.3)
      thrift
    mustermann (1.0.3)
    opentracing (0.4.1)
    rack (2.0.5)
    rack-protection (2.0.4)
      rack
    rack-tracer (0.8.0)
      opentracing (~> 0.4)
    sinatra (2.0.4)
      mustermann (~> 1.0)
      rack (~> 2.0)
      rack-protection (= 2.0.4)
      tilt (~> 2.0)
    thrift (0.11.0.0)
    tilt (2.0.8)

PLATFORMS
  ruby

DEPENDENCIES
  jaeger-client
  rack-tracer
  sinatra

BUNDLED WITH
   1.16.5
